NUGET
  remote: http://www.nuget.org/api/v2
    Antlr (3.5.0.2) - restriction: >= net45
    bootstrap (4.1.1) - restriction: >= net45
      jQuery (>= 3.0 < 4.0)
      popper.js (>= 1.14 < 2.0)
    EntityFramework (6.2)
    fasterflect (2.1.3) - restriction: >= net45
    jQuery (3.3.1)
    jQuery.UI.Combined (1.12.1)
      jQuery (>= 1.12.4)
    jQuery.Validation (1.17)
      jQuery (>= 1.4.4)
    jQuery.vsdoc (1.6)
      jQuery
    log4net (2.0.8) - restriction: >= net45
    Microsoft.AspNet.Mvc (5.2.6) - restriction: >= net45
      Microsoft.AspNet.Razor (>= 3.2.6 < 3.3)
      Microsoft.AspNet.WebPages (>= 3.2.6 < 3.3)
    Microsoft.AspNet.Razor (3.2.6) - restriction: >= net45
    Microsoft.AspNet.Web.Optimization (1.1.3) - restriction: >= net45
      Microsoft.Web.Infrastructure (>= 1.0)
      WebGrease (>= 1.5.2)
    Microsoft.AspNet.WebPages (3.2.6) - restriction: >= net45
      Microsoft.AspNet.Razor (>= 3.2.6 < 3.3)
      Microsoft.Web.Infrastructure (>= 1.0)
    Microsoft.jQuery.Unobtrusive.Validation (3.2.10) - restriction: >= net45
      jQuery (>= 1.8)
      jQuery.Validation (>= 1.8.0.1)
    Microsoft.Web.Infrastructure (1.0) - restriction: >= net45
    Modernizr (2.8.3)
    Newtonsoft.Json (11.0.2) - restriction: >= net45
    NUnit (3.10.1) - restriction: >= net45
    NUnit3TestAdapter (3.10) - restriction: >= net45
    popper.js (1.14.3) - restriction: >= net45
    Respond (1.4.2) - restriction: >= net45
    WebGrease (1.6) - restriction: >= net45
      Antlr (>= 3.4.1.9004)
      Newtonsoft.Json (>= 5.0.4)
